GEM
  specs:
    ffi (1.13.1-x64-mingw32)
    pastel (0.8.0)
      tty-color (~> 0.5)
    rmagick (4.1.2)
    rubyserial (0.6.0)
      ffi (~> 1.9, >= 1.9.3)
    tty-color (0.5.2)
    tty-cursor (0.7.1)
    tty-prompt (0.22.0)
      pastel (~> 0.8)
      tty-reader (~> 0.8)
    tty-reader (0.8.0)
      tty-cursor (~> 0.7)
      tty-screen (~> 0.8)
      wisper (~> 2.0)
    tty-screen (0.8.1)
    wisper (2.0.1)

PLATFORMS
  x64-mingw32

DEPENDENCIES
  rmagick
  rubyserial
  tty-prompt

BUNDLED WITH
   2.0.2
